GEM
  remote: https://rubygems.org/
  specs:
    addressable (2.7.0)
      public_suffix (>= 2.0.2, < 5.0)
    coderay (1.1.2)
    colorize (0.8.1)
    diffy (3.3.0)
    faraday (1.0.0)
      multipart-post (>= 1.2, < 3)
    method_source (1.0.0)
    minitest (5.14.0)
    multipart-post (2.1.1)
    mustache (1.1.1)
    octokit (4.18.0)
      faraday (>= 0.9)
      sawyer (~> 0.8.0, >= 0.5.3)
    pry (0.13.0)
      coderay (~> 1.1)
      method_source (~> 1.0)
    public_suffix (4.0.3)
    sawyer (0.8.2)
      addressable (>= 2.3.5)
      faraday (> 0.8, < 2.0)

PLATFORMS
  ruby

DEPENDENCIES
  colorize
  diffy
  minitest
  mustache
  octokit
  pry

BUNDLED WITH
   2.1.4
